GIT
  remote: git://github.com/cucumber/cucumber-ruby.git
  revision: 0c3a9bfa9dfca04f7d7870783edb663ada16233c
  specs:
    cucumber (3.1.0)
      builder (>= 2.1.2)
      cucumber-core (~> 3.1.0)
      cucumber-expressions (~> 5.0.14)
      cucumber-wire (~> 0.0.1)
      diff-lcs (~> 1.3)
      gherkin (~> 5.0)
      multi_json (>= 1.7.5, < 2.0)
      multi_test (>= 0.1.2)

GEM
  remote: http://rubygems.org/
  specs:
    backports (3.11.3)
    builder (3.2.3)
    cucumber-core (3.1.0)
      backports (>= 3.8.0)
      cucumber-tag_expressions (~> 1.1.0)
      gherkin (>= 5.0.0)
    cucumber-expressions (5.0.17)
    cucumber-tag_expressions (1.1.1)
    cucumber-wire (0.0.1)
    diff-lcs (1.3)
    gherkin (5.0.0)
    multi_json (1.13.1)
    multi_test (0.1.2)

PLATFORMS
  ruby

DEPENDENCIES
  cucumber!

BUNDLED WITH
   1.16.1
